PATH
  remote: .
  specs:
    ytdl (0.0.1)
      dry-configurable (~> 0.11.0)
      filesize (~> 0.2.0)

GEM
  remote: https://rubygems.org/
  specs:
    concurrent-ruby (1.1.6)
    dry-configurable (0.11.5)
      concurrent-ruby (~> 1.0)
      dry-core (~> 0.4, >= 0.4.7)
      dry-equalizer (~> 0.2)
    dry-core (0.4.9)
      concurrent-ruby (~> 1.0)
    dry-equalizer (0.3.0)
    filesize (0.2.0)

PLATFORMS
  ruby

DEPENDENCIES
  ytdl!

BUNDLED WITH
   2.1.4
